GEM
  remote: http://rubygems.org/
  specs:
    awesome_print (1.1.0)
    coderay (1.0.8)
    diff-lcs (1.1.3)
    facets (2.9.3)
    ffi (1.1.5)
    fuubar (1.1.0)
      rspec (~> 2.0)
      rspec-instafail (~> 0.2.0)
      ruby-progressbar (~> 1.0.0)
    growl (1.0.3)
    guard (1.4.0)
      listen (>= 0.4.2)
      thor (>= 0.14.6)
    guard-rspec (2.1.0)
      guard (>= 1.1)
      rspec (~> 2.11)
    listen (0.4.7)
      rb-fchange (~> 0.0.5)
      rb-fsevent (~> 0.9.1)
      rb-inotify (~> 0.8.8)
    method_source (0.8)
    pry (0.9.10)
      coderay (~> 1.0.5)
      method_source (~> 0.8)
      slop (~> 3.3.1)
    rb-fchange (0.0.6)
      ffi
    rb-fsevent (0.9.2)
    rb-inotify (0.8.8)
      ffi (>= 0.5.0)
    rspec (2.11.0)
      rspec-core (~> 2.11.0)
      rspec-expectations (~> 2.11.0)
      rspec-mocks (~> 2.11.0)
    rspec-core (2.11.1)
    rspec-expectations (2.11.3)
      diff-lcs (~> 1.1.3)
    rspec-instafail (0.2.4)
    rspec-mocks (2.11.3)
    ruby-progressbar (1.0.2)
    slop (3.3.3)
    terminal-notifier-guard (1.5.3)
    thor (0.16.0)

PLATFORMS
  ruby

DEPENDENCIES
  awesome_print
  facets
  fuubar
  growl
  guard
  guard-rspec
  listen (= 0.4.7)
  pry
  rb-fsevent
  rspec
  terminal-notifier-guard
